GEM
  specs:
    power_assert (1.2.0)
    rake (13.0.1)
    test-unit (3.3.7)
      power_assert

PLATFORMS
  ruby

DEPENDENCIES
  rake
  test-unit

BUNDLED WITH
   2.1.4
